GEM
  remote: https://rubygems.org/
  specs:
    cumber (1.0.10)
    diff-lcs (1.2.5)
    etcd (0.3.0)
      mixlib-log
    json (2.0.2)
    mixlib-log (1.6.0)
    rspec (3.4.0)
      rspec-core (~> 3.4.0)
      rspec-expectations (~> 3.4.0)
      rspec-mocks (~> 3.4.0)
    rspec-core (3.4.2)
      rspec-support (~> 3.4.0)
    rspec-expectations (3.4.0)
      diff-lcs (>= 1.2.0, < 2.0)
      rspec-support (~> 3.4.0)
    rspec-mocks (3.4.1)
      diff-lcs (>= 1.2.0, < 2.0)
      rspec-support (~> 3.4.0)
    rspec-support (3.4.1)
    trollop (2.1.2)

PLATFORMS
  ruby

DEPENDENCIES
  cumber
  etcd
  json
  rspec
  trollop

BUNDLED WITH
   1.11.2
