GEM
  remote: https://rubygems.org/
  specs:
    colorize (0.8.1)
    diff-lcs (1.2.5)
    etcd (0.3.0)
      mixlib-log
    gherkin-ruby (0.3.2)
    json (2.0.2)
    mixlib-log (1.6.0)
    rspec (3.4.0)
      rspec-core (~> 3.4.0)
      rspec-expectations (~> 3.4.0)
      rspec-mocks (~> 3.4.0)
    rspec-core (3.4.2)
      rspec-support (~> 3.4.0)
    rspec-expectations (3.4.0)
      diff-lcs (>= 1.2.0, < 2.0)
      rspec-support (~> 3.4.0)
    rspec-mocks (3.4.1)
      diff-lcs (>= 1.2.0, < 2.0)
      rspec-support (~> 3.4.0)
    rspec-support (3.4.1)
    spinach (0.9.0)
      colorize
      gherkin-ruby (>= 0.3.2)
      json
    trollop (2.1.2)

PLATFORMS
  ruby

DEPENDENCIES
  etcd
  json
  rspec
  spinach
  trollop

BUNDLED WITH
   1.11.2
