GIT
  remote: https://github.com/meschbach/mee-nginx-parser.git
  revision: 2dfad39efd37d46263a56ad7678d3a5ca9ca92fa
  specs:
    mee-nginx-parser (0.1.0)

GEM
  remote: https://rubygems.org/
  specs:
    builder (3.2.2)
    cucumber (2.4.0)
      builder (>= 2.1.2)
      cucumber-core (~> 1.5.0)
      cucumber-wire (~> 0.0.1)
      diff-lcs (>= 1.1.3)
      gherkin (~> 4.0)
      multi_json (>= 1.7.5, < 2.0)
      multi_test (>= 0.1.2)
    cucumber-core (1.5.0)
      gherkin (~> 4.0)
    cucumber-wire (0.0.1)
    diff-lcs (1.2.5)
    etcd (0.3.0)
      mixlib-log
    gherkin (4.0.0)
    json (2.0.2)
    mixlib-log (1.6.0)
    multi_json (1.12.1)
    multi_test (0.1.2)
    rspec (3.5.0)
      rspec-core (~> 3.5.0)
      rspec-expectations (~> 3.5.0)
      rspec-mocks (~> 3.5.0)
    rspec-core (3.5.4)
      rspec-support (~> 3.5.0)
    rspec-expectations (3.5.0)
      diff-lcs (>= 1.2.0, < 2.0)
      rspec-support (~> 3.5.0)
    rspec-mocks (3.5.0)
      diff-lcs (>= 1.2.0, < 2.0)
      rspec-support (~> 3.5.0)
    rspec-support (3.5.0)
    trollop (2.1.2)

PLATFORMS
  ruby

DEPENDENCIES
  cucumber (= 2.4.0)
  etcd (= 0.3.0)
  json (= 2.0.2)
  mee-nginx-parser (= 0.1.0)!
  rspec (= 3.5.0)
  trollop (= 2.1.2)

BUNDLED WITH
   1.11.2
